GEM
  remote: http://rubygems.org/
  specs:
    CFPropertyList (2.2.8)
    aws-sdk (1.55.0)
      aws-sdk-v1 (= 1.55.0)
    aws-sdk-v1 (1.55.0)
      json (~> 1.4)
      nokogiri (>= 1.4.4)
    builder (3.2.2)
    colored (1.2)
    cri (2.6.1)
      colored (~> 1.2)
    deep_merge (1.0.0)
    diff-lcs (1.4.4)
    excon (0.31.0)
    facter (2.1.0)
      CFPropertyList (~> 2.2.6)
    faraday (0.8.11)
      multipart-post (~> 1.2.0)
    faraday_middleware (0.9.2)
      faraday (>= 0.7.4, < 0.10)
    faraday_middleware-multi_json (0.0.6)
      faraday_middleware
      multi_json
    fog (1.19.0)
      builder
      excon (~> 0.31.0)
      formatador (~> 0.2.0)
      mime-types
      multi_json (~> 1.0)
      net-scp (~> 1.1)
      net-ssh (>= 2.1.3)
      nokogiri (~> 1.5)
      ruby-hmac
    formatador (0.2.5)
    gpgme (2.0.5)
      mini_portile (~> 0.5.0)
    hiera (1.3.4)
      json_pure
    hiera-eyaml (2.0.2)
      highline (>= 1.6.19)
      trollop (>= 2.0)
    highline (1.6.21)
    json (1.8.1)
    json_pure (1.8.1)
    kgio (2.9.2)
    log4r (1.1.10)
    mime-types (2.3)
    mini_portile (0.5.3)
    mixlib-cli (1.5.0)
    multi_json (1.8.4)
    multipart-post (1.2.0)
    net-scp (1.2.1)
      net-ssh (>= 2.6.5)
    net-ssh (2.9.1)
    net-telnet (0.1.1)
    nokogiri (1.5.11)
    puppet-lint (1.1.0)
    puppet-syntax (1.4.1)
      rake
    r10k (1.4.1)
      colored (= 1.2)
      cri (~> 2.6.1)
      faraday (~> 0.8.8)
      faraday_middleware (~> 0.9.0)
      faraday_middleware-multi_json (~> 0.0.5)
      json_pure (~> 1.8)
      log4r (= 1.1.10)
      multi_json (~> 1.8.2)
      systemu (~> 2.5.2)
    rack (2.1.4)
    raindrops (0.13.0)
    rake (13.0.1)
    rgen (0.6.6)
    rspec (3.9.0)
      rspec-core (~> 3.9.0)
      rspec-expectations (~> 3.9.0)
      rspec-mocks (~> 3.9.0)
    rspec-core (3.9.2)
      rspec-support (~> 3.9.3)
    rspec-expectations (3.9.2)
      diff-lcs (>= 1.2.0, < 2.0)
      rspec-support (~> 3.9.0)
    rspec-its (1.3.0)
      rspec-core (>= 3.0.0)
      rspec-expectations (>= 3.0.0)
    rspec-mocks (3.9.1)
      diff-lcs (>= 1.2.0, < 2.0)
      rspec-support (~> 3.9.0)
    rspec-support (3.9.3)
    ruby-augeas (0.4.1)
    ruby-hmac (0.4.0)
    ruby-libvirt (0.4.0)
    ruby-shadow (2.2.0)
    sensu-plugin (0.2.2)
      json
      mixlib-cli (>= 1.1.0)
    serverspec (2.7.1)
      multi_json
      rspec (~> 3.0)
      rspec-its
      specinfra (~> 2.10)
    sfl (2.3)
    specinfra (2.82.18)
      net-scp
      net-ssh (>= 2.7)
      net-telnet (= 0.1.1)
      sfl
    systemu (2.5.2)
    trollop (2.0)
    unf (0.1.3)
      unf_ext
    unf_ext (0.0.6)
    unicorn (4.8.3)
      kgio (~> 2.6)
      rack
      raindrops (~> 0.7)

PLATFORMS
  ruby

DEPENDENCIES
  aws-sdk (= 1.55.0)
  deep_merge (= 1.0.0)
  facter (= 2.1.0)
  fog (= 1.19.0)
  gpgme (= 2.0.5)
  hiera (= 1.3.4)
  hiera-eyaml (= 2.0.2)
  highline (= 1.6.21)
  json (= 1.8.1)
  nokogiri (= 1.5.11)
  puppet-lint (~> 1.1.0)
  puppet-syntax (= 1.4.1)
  r10k (= 1.4.1)
  rack (= 2.1.4)
  rgen (= 0.6.6)
  ruby-augeas (= 0.4.1)
  ruby-libvirt (= 0.4.0)
  ruby-shadow (= 2.2.0)
  sensu-plugin (= 0.2.2)
  serverspec (= 2.7.1)
  trollop (= 2.0)
  unf (= 0.1.3)
  unicorn (= 4.8.3)
